GEM
  remote: http://rubygems.org/
  specs:
    coffee-script (2.2.0)
      coffee-script-source
      execjs
    coffee-script-source (1.1.1)
    execjs (1.1.0)
      multi_json (~> 1.0)
    growl (1.0.3)
    guard (0.3.4)
      thor (~> 0.14.6)
    guard-coffeescript (0.2.4)
      coffee-script (~> 2.2.0)
      guard (~> 0.3.0)
    multi_json (1.0.3)
    rb-fsevent (0.4.0)
    thor (0.14.6)

PLATFORMS
  ruby

DEPENDENCIES
  growl
  guard
  guard-coffeescript
  rb-fsevent
